GEM
  remote: https://rubygems.org/
  specs:
    byebug (4.0.5)
      columnize (= 0.9.0)
    color (1.7.1)
    columnize (0.9.0)
    daemons (1.2.2)
    eventmachine (1.0.7)
    excon (0.45.3)
    json (1.8.2)
    multi_json (1.11.0)
    paypal-sdk-rest (1.2.0)
      multi_json (~> 1.0)
      uuidtools (~> 2.1)
      xml-simple
    rack (1.6.1)
    rack-protection (1.5.3)
      rack
    sinatra (1.4.6)
      rack (~> 1.4)
      rack-protection (~> 1.4)
      tilt (>= 1.3, < 3)
    thin (1.6.3)
      daemons (~> 1.0, >= 1.0.9)
      eventmachine (~> 1.0)
      rack (~> 1.0)
    tilt (2.0.1)
    uuidtools (2.1.5)
    xml-simple (1.1.5)

PLATFORMS
  ruby

DEPENDENCIES
  byebug
  color
  excon
  json
  paypal-sdk-rest
  sinatra
  thin
